PATH
  remote: .
  specs:
    lat (0.1.0)
      activesupport
      mojinizer
      mpv
      natto

GEM
  remote: https://rubygems.org/
  specs:
    activesupport (6.0.2.1)
      concurrent-ruby (~> 1.0, >= 1.0.2)
      i18n (>= 0.7, < 2)
      minitest (~> 5.1)
      tzinfo (~> 1.1)
      zeitwerk (~> 2.2)
    awesome_print (1.8.0)
    concurrent-ruby (1.1.5)
    diff-lcs (1.3)
    ffi (1.12.1)
    i18n (1.8.2)
      concurrent-ruby (~> 1.0)
    minitest (5.14.0)
    moji (1.6)
    mojinizer (0.2.2)
      moji (~> 1.6)
    mpv (3.0.1)
    natto (1.1.2)
      ffi (>= 1.9.0)
    rake (10.5.0)
    rspec (3.9.0)
      rspec-core (~> 3.9.0)
      rspec-expectations (~> 3.9.0)
      rspec-mocks (~> 3.9.0)
    rspec-core (3.9.1)
      rspec-support (~> 3.9.1)
    rspec-expectations (3.9.0)
      diff-lcs (>= 1.2.0, < 2.0)
      rspec-support (~> 3.9.0)
    rspec-mocks (3.9.1)
      diff-lcs (>= 1.2.0, < 2.0)
      rspec-support (~> 3.9.0)
    rspec-support (3.9.2)
    thread_safe (0.3.6)
    tzinfo (1.2.6)
      thread_safe (~> 0.1)
    zeitwerk (2.2.2)

PLATFORMS
  ruby

DEPENDENCIES
  awesome_print
  bundler (~> 1.17)
  lat!
  rake (~> 10.0)
  rspec (~> 3.0)

BUNDLED WITH
   1.17.2
